GIT
  remote: git@github.com:Hexawise/hiptest-publisher.git
  revision: 2d6fa9e781258b0afacaf70139b19cbb58aa9078
  specs:
    hiptest-publisher (2.3.0)
      colorize (~> 0.7, >= 0.7.5)
      i18n (~> 0.7, >= 0.7.0)
      multipart-post (~> 2.1, >= 2.1.1)
      nokogiri (~> 1.10)
      parseconfig (~> 1.0, >= 1.0.4)
      ruby-handlebars (~> 0.4.0)
      ruby_version (~> 1)

GEM
  remote: https://rubygems.org/
  specs:
    backports (3.15.0)
    builder (3.2.4)
    colorize (0.8.1)
    concurrent-ruby (1.1.6)
    diff-lcs (1.3)
    gherkin (5.1.0)
    i18n (0.9.5)
      concurrent-ruby (~> 1.0)
    mini_portile2 (2.4.0)
    multi_json (1.14.1)
    multipart-post (2.1.1)
    mustermann (1.0.3)
    nokogiri (1.10.9)
      mini_portile2 (~> 2.4.0)
    parseconfig (1.0.8)
    parslet (1.8.2)
    rack (2.0.8)
    rack-contrib (2.1.0)
      rack (~> 2.0)
    rack-protection (2.0.7)
      rack
    rack-test (1.1.0)
      rack (>= 1.0, < 3)
    rspec (3.8.0)
      rspec-core (~> 3.8.0)
      rspec-expectations (~> 3.8.0)
      rspec-mocks (~> 3.8.0)
    rspec-core (3.8.2)
      rspec-support (~> 3.8.0)
    rspec-expectations (3.8.6)
      diff-lcs (>= 1.2.0, < 2.0)
      rspec-support (~> 3.8.0)
    rspec-mocks (3.8.2)
      diff-lcs (>= 1.2.0, < 2.0)
      rspec-support (~> 3.8.0)
    rspec-support (3.8.3)
    ruby-handlebars (0.4.0)
      parslet (~> 1.6, >= 1.6.2)
    ruby_version (1.0.2)
    rubyzip (2.0.0)
    sinatra (2.0.7)
      mustermann (~> 1.0)
      rack (~> 2.0)
      rack-protection (= 2.0.7)
      tilt (~> 2.0)
    sinatra-contrib (2.0.7)
      backports (>= 2.8.2)
      multi_json
      mustermann (~> 1.0)
      rack-protection (= 2.0.7)
      sinatra (= 2.0.7)
      tilt (~> 2.0)
    tilt (2.0.10)

PLATFORMS
  ruby

DEPENDENCIES
  builder (~> 3.2.2)
  gherkin (~> 5.1)
  hiptest-publisher!
  rack (~> 2.0.6)
  rack-contrib (~> 2.1.0)
  rack-test (~> 1.1.0)
  rspec (~> 3.8.0)
  rubyzip (~> 2.0.0)
  sinatra (~> 2.0.4)
  sinatra-contrib (~> 2.0.4)

BUNDLED WITH
   1.17.3
