PATH
  remote: vendor/hiptest-publisher
  specs:
    hiptest-publisher (1.21.0)
      colorize (~> 0.7, >= 0.7.5)
      i18n (~> 0.7, >= 0.7.0)
      multipart-post (~> 2.0, >= 2.0.0)
      nokogiri (~> 1.8.0, >= 1.8.0)
      parseconfig (~> 1.0, >= 1.0.4)
      ruby-handlebars (~> 0.0.2)
      ruby_version (~> 1)

GEM
  remote: https://rubygems.org/
  specs:
    activesupport (5.2.2)
      concurrent-ruby (~> 1.0, >= 1.0.2)
      i18n (>= 0.7, < 2)
      minitest (~> 5.1)
      tzinfo (~> 1.1)
    backports (3.11.4)
    builder (3.2.3)
    colorize (0.8.1)
    concurrent-ruby (1.1.3)
    diff-lcs (1.3)
    gherkin (5.1.0)
    i18n (0.9.5)
      concurrent-ruby (~> 1.0)
    mini_portile2 (2.3.0)
    minitest (5.11.3)
    multi_json (1.13.1)
    multipart-post (2.0.0)
    mustermann (1.0.3)
    nokogiri (1.8.5)
      mini_portile2 (~> 2.3.0)
    parseconfig (1.0.8)
    parslet (1.8.2)
    rack (2.0.6)
    rack-contrib (2.1.0)
      rack (~> 2.0)
    rack-protection (2.0.4)
      rack
    rack-test (1.1.0)
      rack (>= 1.0, < 3)
    rspec (3.8.0)
      rspec-core (~> 3.8.0)
      rspec-expectations (~> 3.8.0)
      rspec-mocks (~> 3.8.0)
    rspec-core (3.8.0)
      rspec-support (~> 3.8.0)
    rspec-expectations (3.8.2)
      diff-lcs (>= 1.2.0, < 2.0)
      rspec-support (~> 3.8.0)
    rspec-mocks (3.8.0)
      diff-lcs (>= 1.2.0, < 2.0)
      rspec-support (~> 3.8.0)
    rspec-support (3.8.0)
    ruby-handlebars (0.0.6)
      colorize (~> 0.7, >= 0.7.5)
      parslet (~> 1.6, >= 1.6.2)
    ruby_version (1.0.1)
    rubyzip (1.2.2)
    sinatra (2.0.4)
      mustermann (~> 1.0)
      rack (~> 2.0)
      rack-protection (= 2.0.4)
      tilt (~> 2.0)
    sinatra-contrib (2.0.4)
      activesupport (>= 4.0.0)
      backports (>= 2.8.2)
      multi_json
      mustermann (~> 1.0)
      rack-protection (= 2.0.4)
      sinatra (= 2.0.4)
      tilt (>= 1.3, < 3)
    thread_safe (0.3.6)
    tilt (2.0.8)
    tzinfo (1.2.5)
      thread_safe (~> 0.1)

PLATFORMS
  ruby

DEPENDENCIES
  builder (~> 3.2.2)
  gherkin (~> 5.1)
  hiptest-publisher (~> 1.21.0)!
  rack (~> 2.0.6)
  rack-contrib (~> 2.1.0)
  rack-test (~> 1.1.0)
  rspec (~> 3.8.0)
  rubyzip (~> 1.2.2)
  sinatra (~> 2.0.4)
  sinatra-contrib (~> 2.0.4)

RUBY VERSION
   ruby 2.6.2p47

BUNDLED WITH
   1.17.2
